GEM
  remote: https://rubygems.org/
  specs:
    activesupport (6.0.0)
      concurrent-ruby (~> 1.0, >= 1.0.2)
      i18n (>= 0.7, < 2)
      minitest (~> 5.1)
      tzinfo (~> 1.1)
      zeitwerk (~> 2.1, >= 2.1.8)
    ast (2.4.0)
    colorize (0.8.1)
    concurrent-ruby (1.1.5)
    diff-lcs (1.3)
    i18n (1.7.0)
      concurrent-ruby (~> 1.0)
    jaro_winkler (1.5.3)
    minitest (5.13.0)
    parallel (1.18.0)
    parser (2.6.5.0)
      ast (~> 2.4.0)
    rainbow (3.0.0)
    rake (13.0.0)
    rspec (3.9.0)
      rspec-core (~> 3.9.0)
      rspec-expectations (~> 3.9.0)
      rspec-mocks (~> 3.9.0)
    rspec-core (3.9.0)
      rspec-support (~> 3.9.0)
    rspec-expectations (3.9.0)
      diff-lcs (>= 1.2.0, < 2.0)
      rspec-support (~> 3.9.0)
    rspec-mocks (3.9.0)
      diff-lcs (>= 1.2.0, < 2.0)
      rspec-support (~> 3.9.0)
    rspec-support (3.9.0)
    rubocop (0.74.0)
      jaro_winkler (~> 1.5.1)
      parallel (~> 1.10)
      parser (>= 2.6)
      rainbow (>= 2.2.2, < 4.0)
      ruby-progressbar (~> 1.7)
      unicode-display_width (>= 1.4.0, < 1.7)
    rubocop-performance (1.5.0)
      rubocop (>= 0.71.0)
    rubocop-rspec (1.35.0)
      rubocop (>= 0.60.0)
    ruby-progressbar (1.10.1)
    thread_safe (0.3.6)
    tzinfo (1.2.5)
      thread_safe (~> 0.1)
    unicode-display_width (1.6.0)
    zeitwerk (2.2.0)

PLATFORMS
  ruby

DEPENDENCIES
  activesupport (~> 6.0)
  colorize
  rake
  rspec
  rubocop (~> 0.74.0)
  rubocop-performance (~> 1.5.0)
  rubocop-rspec (~> 1.35.0)

BUNDLED WITH
   2.0.2
